GEM
  remote: https://rubygems.org/
  specs:
    diff-lcs (1.5.0)
    ecma-re-validator (0.4.0)
      regexp_parser (~> 2.2)
    hana (1.3.7)
    json_schemer (0.2.21)
      ecma-re-validator (~> 0.3)
      hana (~> 1.3)
      regexp_parser (~> 2.0)
      uri_template (~> 0.7)
    regexp_parser (2.5.0)
    rspec (3.11.0)
      rspec-core (~> 3.11.0)
      rspec-expectations (~> 3.11.0)
      rspec-mocks (~> 3.11.0)
    rspec-core (3.11.0)
      rspec-support (~> 3.11.0)
    rspec-expectations (3.11.0)
      diff-lcs (>= 1.2.0, < 2.0)
      rspec-support (~> 3.11.0)
    rspec-mocks (3.11.1)
      diff-lcs (>= 1.2.0, < 2.0)
      rspec-support (~> 3.11.0)
    rspec-support (3.11.0)
    uri_template (0.7.0)

PLATFORMS
  ruby

DEPENDENCIES
  json_schemer
  rspec

BUNDLED WITH
   2.3.19
