GEM
  remote: https://rubygems.org/
  specs:
    ecma-re-validator (0.2.0)
      regexp_parser (~> 1.2)
    hana (1.3.5)
    json_schemer (0.2.5)
      ecma-re-validator (~> 0.2)
      hana (~> 1.3)
      regexp_parser (~> 1.5)
      uri_template (~> 0.7)
    regexp_parser (1.6.0)
    uri_template (0.7.0)

PLATFORMS
  ruby

DEPENDENCIES
  json_schemer

BUNDLED WITH
   2.0.2
