PATH
  remote: .
  specs:
    rsmp_schema (0.5.1)
      json_schemer (~> 2.1.0)
      thor (~> 1.3.0)

GEM
  remote: https://rubygems.org/
  specs:
    diff-lcs (1.5.0)
    hana (1.3.7)
    json_schemer (2.1.0)
      hana (~> 1.3)
      regexp_parser (~> 2.0)
      simpleidn (~> 0.2)
    rake (13.1.0)
    regexp_parser (2.8.2)
    rspec (3.12.0)
      rspec-core (~> 3.12.0)
      rspec-expectations (~> 3.12.0)
      rspec-mocks (~> 3.12.0)
    rspec-core (3.12.2)
      rspec-support (~> 3.12.0)
    rspec-expectations (3.12.3)
      diff-lcs (>= 1.2.0, < 2.0)
      rspec-support (~> 3.12.0)
    rspec-mocks (3.12.6)
      diff-lcs (>= 1.2.0, < 2.0)
      rspec-support (~> 3.12.0)
    rspec-support (3.12.1)
    simpleidn (0.2.1)
      unf (~> 0.1.4)
    thor (1.3.0)
    unf (0.1.4)
      unf_ext
    unf_ext (0.0.9.1)

PLATFORMS
  ruby

DEPENDENCIES
  rake (~> 13.1.0)
  rsmp_schema!
  rspec (~> 3.12.0)
  rspec-expectations (~> 3.12.3)

BUNDLED WITH
   2.4.22
