PATH
  remote: .
  specs:
    rsmp_schema (0.5)
      json_schemer (~> 2.1.0)
      thor (~> 1.2.1)

GEM
  remote: https://rubygems.org/
  specs:
    diff-lcs (1.5.0)
    hana (1.3.7)
    json_schemer (2.1.0)
      hana (~> 1.3)
      regexp_parser (~> 2.0)
      simpleidn (~> 0.2)
    rake (13.0.6)
    regexp_parser (2.8.2)
    rspec (3.11.0)
      rspec-core (~> 3.11.0)
      rspec-expectations (~> 3.11.0)
      rspec-mocks (~> 3.11.0)
    rspec-core (3.11.0)
      rspec-support (~> 3.11.0)
    rspec-expectations (3.11.1)
      diff-lcs (>= 1.2.0, < 2.0)
      rspec-support (~> 3.11.0)
    rspec-mocks (3.11.2)
      diff-lcs (>= 1.2.0, < 2.0)
      rspec-support (~> 3.11.0)
    rspec-support (3.11.1)
    simpleidn (0.2.1)
      unf (~> 0.1.4)
    thor (1.2.2)
    unf (0.1.4)
      unf_ext
    unf_ext (0.0.9.1)

PLATFORMS
  ruby

DEPENDENCIES
  rake (~> 13.0.6)
  rsmp_schema!
  rspec (~> 3.11.0)
  rspec-expectations (~> 3.11.0)

BUNDLED WITH
   2.4.22
